GEM
  remote: https://rubygems.org/
  specs:
    actioncable (5.0.0.beta3)
      actionpack (= 5.0.0.beta3)
      nio4r (~> 1.2)
      websocket-driver (~> 0.6.1)
    actionmailer (5.0.0.beta3)
      actionpack (= 5.0.0.beta3)
      actionview (= 5.0.0.beta3)
      activejob (= 5.0.0.beta3)
      mail (~> 2.5, >= 2.5.4)
      rails-dom-testing (~> 1.0, >= 1.0.5)
    actionpack (5.0.0.beta3)
      actionview (= 5.0.0.beta3)
      activesupport (= 5.0.0.beta3)
      rack (~> 2.x)
      rack-test (~> 0.6.3)
      rails-dom-testing (~> 1.0, >= 1.0.5)
      rails-html-sanitizer (~> 1.0, >= 1.0.2)
    actionview (5.0.0.beta3)
      activesupport (= 5.0.0.beta3)
      builder (~> 3.1)
      erubis (~> 2.7.0)
      rails-dom-testing (~> 1.0, >= 1.0.5)
      rails-html-sanitizer (~> 1.0, >= 1.0.2)
    active_model_serializers (0.10.0.rc4)
      actionpack (>= 4.0)
      activemodel (>= 4.0)
      railties (>= 4.0)
    activejob (5.0.0.beta3)
      activesupport (= 5.0.0.beta3)
      globalid (>= 0.3.6)
    activemodel (5.0.0.beta3)
      activesupport (= 5.0.0.beta3)
    activerecord (5.0.0.beta3)
      activemodel (= 5.0.0.beta3)
      activesupport (= 5.0.0.beta3)
      arel (~> 7.0)
    activesupport (5.0.0.beta3)
      concurrent-ruby (~> 1.0)
      i18n (~> 0.7)
      minitest (~> 5.1)
      tzinfo (~> 1.1)
    addressable (2.4.0)
    arel (7.0.0)
    attr_required (1.0.1)
    bcrypt (3.1.11)
    builder (3.2.2)
    byebug (8.2.2)
    concurrent-ruby (1.0.1)
    crack (0.4.3)
      safe_yaml (~> 1.0.0)
    database_cleaner (1.5.1)
    devise (4.0.0.rc2)
      bcrypt (~> 3.0)
      orm_adapter (~> 0.1)
      railties (>= 4.1.0, < 5.1)
      responders
      warden (~> 1.2.3)
    devise_token_auth (0.1.37)
      devise (> 3.5.2, < 4.1)
      rails (< 6)
    diff-lcs (1.2.5)
    email_spec (2.0.0)
      htmlentities (~> 4.3.3)
      launchy (~> 2.1)
      mail (~> 2.6.3)
    erubis (2.7.0)
    factory_girl (4.5.0)
      activesupport (>= 3.0.0)
    factory_girl_rails (4.6.0)
      factory_girl (~> 4.5.0)
      railties (>= 3.0.0)
    faraday (0.9.2)
      multipart-post (>= 1.2, < 3)
    ffi (1.9.10)
    globalid (0.3.6)
      activesupport (>= 4.1.0)
    hashdiff (0.3.0)
    health_check (1.5.1)
      rails (>= 2.3.0)
    htmlentities (4.3.4)
    httpclient (2.7.1)
    i18n (0.7.0)
    json (1.8.3)
    json_spec (1.1.4)
      multi_json (~> 1.0)
      rspec (>= 2.0, < 4.0)
    launchy (2.4.3)
      addressable (~> 2.3)
    listen (3.0.6)
      rb-fsevent (>= 0.9.3)
      rb-inotify (>= 0.9.7)
    loofah (2.0.3)
      nokogiri (>= 1.5.9)
    mail (2.6.4)
      mime-types (>= 1.16, < 4)
    method_source (0.8.2)
    mime-types (3.0)
      mime-types-data (~> 3.2015)
    mime-types-data (3.2016.0221)
    mini_portile2 (2.1.0)
    minitest (5.8.4)
    multi_json (1.11.2)
    multipart-post (2.0.0)
    nio4r (1.2.1)
    nokogiri (1.6.8.rc3)
      mini_portile2 (~> 2.1.0)
      pkg-config (~> 1.1.7)
    orm_adapter (0.5.0)
    pg (0.18.4)
    pkg-config (1.1.7)
    puma (3.2.0)
    rack (2.0.0.alpha)
      json
    rack-oauth2 (1.3.0)
      activesupport (>= 2.3)
      attr_required (>= 0.0.5)
      httpclient (>= 2.4)
      multi_json (>= 1.3.6)
      rack (>= 1.1)
    rack-test (0.6.3)
      rack (>= 1.0)
    rails (5.0.0.beta3)
      actioncable (= 5.0.0.beta3)
      actionmailer (= 5.0.0.beta3)
      actionpack (= 5.0.0.beta3)
      actionview (= 5.0.0.beta3)
      activejob (= 5.0.0.beta3)
      activemodel (= 5.0.0.beta3)
      activerecord (= 5.0.0.beta3)
      activesupport (= 5.0.0.beta3)
      bundler (>= 1.3.0, < 2.0)
      railties (= 5.0.0.beta3)
      sprockets-rails (>= 2.0.0)
    rails-deprecated_sanitizer (1.0.3)
      activesupport (>= 4.2.0.alpha)
    rails-dom-testing (1.0.7)
      activesupport (>= 4.2.0.beta, < 5.0)
      nokogiri (~> 1.6.0)
      rails-deprecated_sanitizer (>= 1.0.1)
    rails-html-sanitizer (1.0.3)
      loofah (~> 2.0)
    railties (5.0.0.beta3)
      actionpack (= 5.0.0.beta3)
      activesupport (= 5.0.0.beta3)
      method_source
      rake (>= 0.8.7)
      thor (>= 0.18.1, < 2.0)
    rake (11.1.2)
    rb-fsevent (0.9.7)
    rb-inotify (0.9.7)
      ffi (>= 0.5.0)
    responders (2.1.2)
      railties (>= 4.2.0, < 5.1)
    rspec (3.5.0.beta2)
      rspec-core (= 3.5.0.beta2)
      rspec-expectations (= 3.5.0.beta2)
      rspec-mocks (= 3.5.0.beta2)
    rspec-core (3.5.0.beta2)
      rspec-support (= 3.5.0.beta2)
    rspec-expectations (3.5.0.beta2)
      diff-lcs (>= 1.2.0, < 2.0)
      rspec-support (= 3.5.0.beta2)
    rspec-mocks (3.5.0.beta2)
      diff-lcs (>= 1.2.0, < 2.0)
      rspec-support (= 3.5.0.beta2)
    rspec-rails (3.5.0.beta2)
      actionpack (>= 3.0)
      activesupport (>= 3.0)
      railties (>= 3.0)
      rspec-core (= 3.5.0.beta2)
      rspec-expectations (= 3.5.0.beta2)
      rspec-mocks (= 3.5.0.beta2)
      rspec-support (= 3.5.0.beta2)
    rspec-support (3.5.0.beta2)
    safe_yaml (1.0.4)
    spring (1.6.4)
    spring-watcher-listen (2.0.0)
      listen (>= 2.7, < 4.0)
      spring (~> 1.2)
    sprockets (3.5.2)
      concurrent-ruby (~> 1.0)
      rack (> 1, < 3)
    sprockets-rails (3.0.4)
      actionpack (>= 4.0)
      activesupport (>= 4.0)
      sprockets (>= 3.0.0)
    thor (0.19.1)
    thread_safe (0.3.5)
    timecop (0.8.0)
    tzinfo (1.2.2)
      thread_safe (~> 0.1)
    warden (1.2.6)
      rack (>= 1.0)
    webmock (1.24.2)
      addressable (>= 2.3.6)
      crack (>= 0.3.2)
      hashdiff
    websocket-driver (0.6.3)
      websocket-extensions (>= 0.1.0)
    websocket-extensions (0.1.2)

PLATFORMS
  ruby

DEPENDENCIES
  active_model_serializers (~> 0.10.0.rc4)
  byebug
  database_cleaner
  devise (~> 4.0.0.rc2)
  devise_token_auth
  email_spec
  factory_girl_rails
  faraday
  health_check
  json_spec (~> 1.1.4)
  listen (~> 3.0.5)
  nokogiri (~> 1.6.8.rc3)
  pg
  puma
  rack-oauth2
  rack-test
  rails (>= 5.0.0.beta3, < 5.1)
  rspec (~> 3.5.0.beta2)
  rspec-rails (~> 3.5.0.beta2)
  spring
  spring-watcher-listen (~> 2.0.0)
  timecop
  tzinfo-data
  webmock

BUNDLED WITH
   1.11.2
